GEM
  specs:
    dotenv (2.1.2)
    mini_portile2 (2.1.0)
    nokogiri (1.7.0.1)
      mini_portile2 (~> 2.1.0)
    thor (0.19.4)

PLATFORMS
  ruby

DEPENDENCIES
  dotenv
  nokogiri
  thor

BUNDLED WITH
   1.13.6
