GEM
  remote: https://rubygems.org/
  specs:
    dotenv (2.1.2)
    thor (0.19.4)

PLATFORMS
  ruby

DEPENDENCIES
  dotenv
  thor

BUNDLED WITH
   1.13.6
